GEM
  remote: https://rubygems.org/
  specs:
    addressable (2.3.8)
    fastimage (1.6.8)
      addressable (~> 2.3, >= 2.3.5)

PLATFORMS
  ruby

DEPENDENCIES
  fastimage
